GIT
  remote: git://github.com/neofreko/ios-deploy-gem.git
  revision: 1cecfaad34800be837b29b7470e7b37f91873a43
  specs:
    ios-deploy (1.9.0)

GEM
  remote: http://rubygems.org/
  specs:
    CFPropertyList (2.3.5)
    activesupport (3.2.22.5)
      i18n (~> 0.6, >= 0.6.4)
      multi_json (~> 1.0)
    addressable (2.5.1)
      public_suffix (~> 2.0, >= 2.0.2)
    ast (2.3.0)
    awesome_print (1.7.0)
    aws_cf_signer (0.1.3)
    builder (3.2.3)
    calabash-android (0.9.0)
      awesome_print (~> 1.2)
      cucumber
      escape (~> 0.0.4)
      httpclient (>= 2.7.1, < 3.0)
      json (~> 1.8)
      luffa
      rubyzip (~> 1.1)
      slowhandcuke (~> 0.0.3)
    calabash-cucumber (0.20.5)
      awesome_print
      bundler (~> 1.3)
      clipboard (~> 1.0)
      cucumber
      edn (>= 1.0.6, < 2.0)
      geocoder (>= 1.1.8, < 2.0)
      httpclient (>= 2.7.1, < 3.0)
      json
      run_loop (>= 2.4.1, < 3.0)
      slowhandcuke (~> 0.0.3)
    childprocess (0.7.0)
      ffi (~> 1.0, >= 1.0.11)
    clipboard (1.1.1)
    cloudinary (1.8.1)
      aws_cf_signer
      rest-client
    colorize (0.8.1)
    command_runner_ng (0.1.3)
    cucumber (1.3.20)
      builder (>= 2.1.2)
      diff-lcs (>= 1.1.3)
      gherkin (~> 2.12)
      multi_json (>= 1.7.5, < 2.0)
      multi_test (>= 0.1.2)
    declarative (0.0.9)
    declarative-option (0.1.0)
    diff-lcs (1.3)
    domain_name (0.5.20170404)
      unf (>= 0.0.5, < 1.0.0)
    edn (1.1.1)
    escape (0.0.4)
    faraday (0.12.1)
      multipart-post (>= 1.2, < 3)
    ffi (1.9.18)
    geocoder (1.4.4)
    gherkin (2.12.2)
      multi_json (~> 1.3)
    hashie (3.5.5)
    http-cookie (1.0.3)
      domain_name (~> 0.5)
    httpclient (2.8.3)
    i18n (0.8.4)
    json (1.8.6)
    json-schema (2.8.0)
      addressable (>= 2.4)
    json_pure (1.8.6)
    kankankan (0.0.2)
    little-plugger (1.1.4)
    logging (1.8.2)
      little-plugger (>= 1.1.3)
      multi_json (>= 1.8.4)
    logging_factory (0.0.3)
      logging (~> 1.8.1)
      preconditions (~> 0.3.0)
    luffa (2.0.0)
      awesome_print (~> 1.2)
      json (~> 1.8)
      retriable (>= 1.3.3.1, < 2.1)
      thor (~> 0.19)
    mime-types (2.99.3)
    mini_magick (4.7.1)
    mini_portile2 (2.2.0)
    minitest (4.7.5)
    mockserver-client (1.0.3)
      activesupport (~> 3)
      colorize (~> 0)
      hashie (~> 3)
      json (~> 1)
      logging_factory (~> 0)
      rest-client (~> 1)
      thor (~> 0)
    multi_json (1.12.1)
    multi_test (0.1.2)
    multipart-post (2.0.0)
    netrc (0.11.0)
    nokogiri (1.8.0)
      mini_portile2 (~> 2.2.0)
    parallel (1.11.2)
    parser (2.4.0.0)
      ast (~> 2.2)
    powerpack (0.1.1)
    preconditions (0.3.0)
    public_suffix (2.0.5)
    rainbow (2.2.2)
      rake
    rake (12.0.0)
    representable (3.0.4)
      declarative (< 0.1.0)
      declarative-option (< 0.2.0)
      uber (< 0.2.0)
    rest-client (1.8.0)
      http-cookie (>= 1.0.2, < 2.0)
      mime-types (>= 1.16, < 3.0)
      netrc (~> 0.7)
    retriable (2.0.2)
    rspec (3.6.0)
      rspec-core (~> 3.6.0)
      rspec-expectations (~> 3.6.0)
      rspec-mocks (~> 3.6.0)
    rspec-core (3.6.0)
      rspec-support (~> 3.6.0)
    rspec-expectations (3.6.0)
      diff-lcs (>= 1.2.0, < 2.0)
      rspec-support (~> 3.6.0)
    rspec-mocks (3.6.0)
      diff-lcs (>= 1.2.0, < 2.0)
      rspec-support (~> 3.6.0)
    rspec-support (3.6.0)
    rtesseract (2.1.0)
      nokogiri
    rubocop (0.49.1)
      parallel (~> 1.10)
      parser (>= 2.3.3.1, < 3.0)
      powerpack (~> 0.1)
      rainbow (>= 1.99.1, < 3.0)
      ruby-progressbar (~> 1.7)
      unicode-display_width (~> 1.0, >= 1.0.1)
    ruby-progressbar (1.8.1)
    rubyzip (1.2.1)
    run_loop (2.4.1)
      CFPropertyList (~> 2.2)
      awesome_print (~> 1.2)
      command_runner_ng (>= 0.0.2)
      httpclient (>= 2.7.1, < 3.0)
      i18n (>= 0.7.0, < 1.0)
      json (~> 1.8)
      thor (>= 0.18.1, < 1.0)
    sauce_whisk (0.0.22)
      json (>= 1.8)
      rest-client (>= 1.8)
    selenium-webdriver (3.4.3)
      childprocess (~> 0.5)
      rubyzip (~> 1.0)
    slowhandcuke (0.0.3)
      cucumber
    test-unit-minitest (0.9.1)
      minitest (~> 4.7)
    thor (0.19.4)
    uber (0.1.0)
    unf (0.1.4)
      unf_ext
    unf_ext (0.0.7.4)
    unicode-display_width (1.2.1)
    watir (6.2.1)
      selenium-webdriver (~> 3.0)
    xamarin-test-cloud (2.1.2)
      bundler (>= 1.3.0, < 2.0)
      httpclient (>= 2.7.1, < 3.0)
      json (~> 1.8)
      mime-types (~> 2.99)
      retriable (>= 1.3.3.1, < 2.1)
      rubyzip (~> 1.1)
      thor (>= 0.18.1, < 1.0)

PLATFORMS
  ruby

DEPENDENCIES
  calabash-android (~> 0.9.0)
  calabash-cucumber (= 0.20.5)
  cloudinary
  cucumber (~> 1.3.20)
  faraday
  ios-deploy!
  json
  json-schema
  json_pure (~> 1.8, >= 1.8.3)
  kankankan
  mini_magick
  mockserver-client
  nokogiri
  rake
  representable
  rest-client
  rspec
  rtesseract
  rubocop
  sauce_whisk
  test-unit-minitest
  watir
  xamarin-test-cloud

BUNDLED WITH
   1.15.1
